GEM
  remote: http://rubygems.org/
  specs:
    cgi_multipart_eof_fix (2.5.0)
    daemons (1.1.0)
    fastthread (1.0.7)
    gem_plugin (0.2.3)
    honkster-giternal (0.2.3)
    mongrel (1.1.5)
      cgi_multipart_eof_fix (>= 2.4)
      daemons (>= 1.0.3)
      fastthread (>= 1.0.1)
      gem_plugin (>= 0.2.3)

PLATFORMS
  ruby

DEPENDENCIES
  honkster-giternal
  mongrel
